PATH
  remote: ../..
  specs:
    opal (0.10.2)
      ast (>= 2.3.0)
      hike (~> 1.2)
      parser (= 2.5.0.5)
      sourcemap (~> 0.1.0)

GEM
  remote: https://rubygems.org/
  specs:
    ast (2.4.1)
    hike (1.2.3)
    nio4r (2.5.4)
    parser (2.5.0.5)
      ast (~> 2.4.0)
    puma (5.1.1)
      nio4r (~> 2.0)
    rack (1.5.2)
    rack-protection (1.5.3)
      rack
    sinatra (1.4.5)
      rack (~> 1.4)
      rack-protection (~> 1.4)
      tilt (~> 1.3, >= 1.3.4)
    sourcemap (0.1.1)
    tilt (1.4.1)

PLATFORMS
  ruby

DEPENDENCIES
  opal!
  puma
  sinatra

BUNDLED WITH
   1.13.2
